PATH
  remote: .
  specs:
    deploysuite (0.0.32)
      gem-man (= 0.3.0)
      gli (= 2.12.2)
      rainbow
      ronn (= 0.7.3)

GEM
  remote: https://rubygems.org/
  specs:
    aruba (0.6.2)
      childprocess (>= 0.3.6)
      cucumber (>= 1.1.1)
      rspec-expectations (>= 2.7.0)
    builder (3.2.2)
    childprocess (0.5.5)
      ffi (~> 1.0, >= 1.0.11)
    cucumber (1.3.19)
      builder (>= 2.1.2)
      diff-lcs (>= 1.1.3)
      gherkin (~> 2.12)
      multi_json (>= 1.7.5, < 2.0)
      multi_test (>= 0.1.2)
    diff-lcs (1.2.5)
    ffi (1.9.6)
    gem-man (0.3.0)
    gherkin (2.12.2)
      multi_json (~> 1.3)
    gli (2.12.2)
    hpricot (0.8.6)
    json (1.8.2)
    multi_json (1.10.1)
    multi_test (0.1.2)
    mustache (1.0.2)
    rainbow (2.0.0)
    rake (10.4.2)
    rdiscount (2.1.8)
    rdoc (4.2.0)
      json (~> 1.4)
    ronn (0.7.3)
      hpricot (>= 0.8.2)
      mustache (>= 0.7.0)
      rdiscount (>= 1.5.8)
    rspec-core (2.13.1)
    rspec-expectations (3.2.0)
      diff-lcs (>= 1.2.0, < 2.0)
      rspec-support (~> 3.2.0)
    rspec-mocks (2.13.1)
    rspec-support (3.2.1)

PLATFORMS
  ruby

DEPENDENCIES
  aruba (= 0.6.2)
  deploysuite!
  rake (= 10.4.2)
  rdoc (= 4.2.0)
  rspec-core (= 2.13.1)
  rspec-mocks (= 2.13.1)
  rspec-support (= 3.2.1)
